
type = string-attribute
name = HISTORY_NOTE
count = 209
'[lab@linux-f3lw: Thu Jul  5 18:42:57 2012] to3d -prefix epi_0.1 -orient RAS -time:zt 25 180 2.18sec alt+z 1.ACQ/131221*1.IMA 2.ACQ/131221*1.IMA 3.ACQ/131221*1.IMA ... 179.ACQ/131221*1.IMA 180.ACQ/131221*1.IMA~

type = string-attribute
name = TYPESTRING
count = 15
'3DIM_HEAD_ANAT~

type = string-attribute
name = IDCODE_STRING
count = 27
'XYZ_Pt5SpvkNgq60sYSjlesUpw~

type = string-attribute
name = IDCODE_DATE
count = 25
'Thu Jul  5 18:42:58 2012~

type = integer-attribute
name = SCENE_DATA
count = 8
 0 2 0 -999 -999
 -999 -999 -999

type = string-attribute
name = LABEL_1
count = 13
'epi_0.1+orig~

type = string-attribute
name = LABEL_2
count = 7
'Viggo!~

type = string-attribute
name = DATASET_NAME
count = 15
'./epi_0.1+orig~

type = integer-attribute
name = ORIENT_SPECIFIC
count = 3
 0 3 5

type  = float-attribute
name  = ORIGIN
count = 3
      -49.24242      -49.24242           22.8

type  = float-attribute
name  = DELTA
count = 3
       1.515152       1.515152           -1.9

type  = float-attribute
name  = IJK_TO_DICOM
count = 12
         0.9375              0              0           -120              0
         0.9375              0           -120              0              0
         0.9375           -120

type  = float-attribute
name  = IJK_TO_DICOM_REAL
count = 12
       1.515152              0              0      -49.24242              0
       1.515152              0      -49.24242              0              0
           -1.9           22.8

type  = float-attribute
name  = BRICK_STATS
count = 360
              0           4095              0           4095              0
           4095              0           4095              0           4095
              0           4095              0           4095              0
           4095              0           4095              0           4095
              0           4095              0           4095              0
           4095              0           4095              0           4095
              0           4095              0           4095              0
           4095              0           4095              0           4095
              0           4095              0           4095              0
           4095              0           4095              0           4095
              0           4095              0           4095              0
           4095              0           4095              0           4095
              0           4095              0           4095              0
           4095              0           4095              0           4095
              0           4095              0           4095              0
           4095              0           4095              0           4095
              0           4095              0           4095              0
           4095              0           4095              0           4095
              0           4095              0           4095              0
           4095              0           4095              0           4095
              0           4095              0           4095              0
           4095              0           4095              0           4095
              0           4095              0           4095              0
           4095              0           4095              0           4095
              0           4095              0           4095              0
           4095              0           4095              0           4095
              0           4095              0           4095              0
           4095              0           4095              0           4095
              0           4095              0           4095              0
           4095              0           4095              0           4095
              0           4095              0           4095              0
           4095              0           4095              0           4095
              0           4095              0           4095              0
           4095              0           4095              0           4095
              0           4095              0           4095              0
           4095              0           4095              0           4095
              0           4095              0           4095              0
           4095              0           4095              0           4095
              0           4095              0           4095              0
           4095              0           4095              0           4095
              0           4095              0           4095              0
           4095              0           4095              0           4095
              0           4095              0           4095              0
           4095              0           4095              0           4095
              0           4095              0           4095              0
           4095              0           4095              0           4095
              0           4095              0           4095              0
           4095              0           4095              0           4095
              0           4095              0           4095              0
           4095              0           4095              0           4095
              0           4095              0           4095              0
           4095              0           4095              0           4095
              0           4095              0           4095              0
           4095              0           4095              0           4095
              0           4095              0           4095              0
           4095              0           4095              0           4095
              0           4095              0           4095              0
           4095              0           4095              0           4095
              0           4095              0           4095              0
           4095              0           4095              0           4095
              0           4095              0           4095              0
           4095              0           4095              0           4095
              0           4095              0           4095              0
           4095              0           4095              0           4095
              0           4095              0           4095              0
           4095              0           4095              0           4095
              0           4095              0           4095              0
           4095              0           4095              0           4095
              0           4095              0           4095              0
           4095              0           4095              0           4095
              0           4095              0           4095              0
           4095              0           4095              0           4095

type = integer-attribute
name = TAXIS_NUMS
count = 8
 180 25 77002 -999 -999
 -999 -999 -999

type  = float-attribute
name  = TAXIS_FLOATS
count = 8
              0           2.18              0           22.8           -1.9
        -999999        -999999        -999999

type  = float-attribute
name  = TAXIS_OFFSETS
count = 25
              0         1.1336         0.0872         1.2208         0.1744
          1.308         0.2616         1.3952         0.3488         1.4824
          0.436         1.5696         0.5232         1.6568         0.6104
          1.744      0.6975999         1.8312      0.7847999         1.9184
      0.8719999         2.0056      0.9591999         2.0928         1.0464

type = integer-attribute
name = DATASET_RANK
count = 8
 3 180 0 0 0
 0 0 0

type = integer-attribute
name = DATASET_DIMENSIONS
count = 5
 66 66 25 0 0

type = integer-attribute
name = BRICK_TYPES
count = 180
 1 1 1 1 1
 1 1 1 1 1
 1 1 1 1 1
 1 1 1 1 1
 1 1 1 1 1
 1 1 1 1 1
 1 1 1 1 1
 1 1 1 1 1
 1 1 1 1 1
 1 1 1 1 1
 1 1 1 1 1
 1 1 1 1 1
 1 1 1 1 1
 1 1 1 1 1
 1 1 1 1 1
 1 1 1 1 1
 1 1 1 1 1
 1 1 1 1 1
 1 1 1 1 1
 1 1 1 1 1
 1 1 1 1 1
 1 1 1 1 1
 1 1 1 1 1
 1 1 1 1 1
 1 1 1 1 1
 1 1 1 1 1
 1 1 1 1 1
 1 1 1 1 1
 1 1 1 1 1
 1 1 1 1 1
 1 1 1 1 1
 1 1 1 1 1
 1 1 1 1 1
 1 1 1 1 1
 1 1 1 1 1
 1 1 1 1 1

type  = float-attribute
name  = BRICK_FLOAT_FACS
count = 180
              0              0              0              0              0
              0              0              0              0              0
              0              0              0              0              0
              0              0              0              0              0
              0              0              0              0              0
              0              0              0              0              0
              0              0              0              0              0
              0              0              0              0              0
              0              0              0              0              0
              0              0              0              0              0
              0              0              0              0              0
              0              0              0              0              0
              0              0              0              0              0
              0              0              0              0              0
              0              0              0              0              0
              0              0              0              0              0
              0              0              0              0              0
              0              0              0              0              0
              0              0              0              0              0
              0              0              0              0              0
              0              0              0              0              0
              0              0              0              0              0
              0              0              0              0              0
              0              0              0              0              0
              0              0              0              0              0
              0              0              0              0              0
              0              0              0              0              0
              0              0              0              0              0
              0              0              0              0              0
              0              0              0              0              0
              0              0              0              0              0
              0              0              0              0              0
              0              0              0              0              0
              0              0              0              0              0
              0              0              0              0              0
              0              0              0              0              0

type = string-attribute
name = TEMPLATE_SPACE
count = 5
'ORIG~

type = integer-attribute
name = INT_CMAP
count = 1
 0

type = string-attribute
name = BYTEORDER_STRING
count = 10
'LSB_FIRST~
